GEM
  remote: https://rubygems.org/
  specs:
    ast (2.4.1)
    opal (1.0.3)
      ast (>= 2.3.0)
      parser (~> 2.6)
    opal-browser (0.2.0)
      opal
      paggio
    paggio (0.2.4)
    parser (2.7.1.4)
      ast (~> 2.4.1)

PLATFORMS
  ruby

DEPENDENCIES
  opal
  opal-browser

BUNDLED WITH
   2.1.4
